GEM
  remote: https://rubygems.org/
  specs:
    minitest (5.20.0)
    rake (13.1.0)

PLATFORMS
  x86_64-linux

DEPENDENCIES
  minitest (= 5.20.0)
  rake (= 13.1.0)

BUNDLED WITH
   2.4.18
